PATH
  remote: .
  specs:
    burlap (0.5.0)
      builder (>= 2.0)
      nokogiri (>= 1.4.4)

GEM
  remote: http://rubygems.org/
  specs:
    activesupport (3.0.5)
    bluecloth (2.2.0)
    builder (3.1.3)
    diff-lcs (1.3)
    nokogiri (1.5.5)
    rake (0.9.6)
    rspec (3.4.0)
      rspec-core (~> 3.4.0)
      rspec-expectations (~> 3.4.0)
      rspec-mocks (~> 3.4.0)
    rspec-core (3.4.4)
      rspec-support (~> 3.4.0)
    rspec-expectations (3.4.0)
      diff-lcs (>= 1.2.0, < 2.0)
      rspec-support (~> 3.4.0)
    rspec-mocks (3.4.1)
      diff-lcs (>= 1.2.0, < 2.0)
      rspec-support (~> 3.4.0)
    rspec-support (3.4.1)
    timecop (0.3.5)
    yard (0.6.5)

PLATFORMS
  ruby

DEPENDENCIES
  activesupport (>= 2.3.4)
  bluecloth (>= 2.2)
  burlap!
  rake (< 11)
  rspec (~> 3.0)
  timecop (= 0.3.5)
  yard

BUNDLED WITH
   1.15.1
