PATH
  remote: .
  specs:
    burlap (0.0.1)
      builder (~> 2.0)
      nokogiri (~> 1.4.4)

GEM
  remote: http://rubygems.org/
  specs:
    activesupport (3.0.3)
    builder (2.1.2)
    diff-lcs (1.1.2)
    nokogiri (1.4.4)
    rake (0.8.7)
    rspec (2.0.0)
      rspec-core (= 2.0.0)
      rspec-expectations (= 2.0.0)
      rspec-mocks (= 2.0.0)
    rspec-core (2.0.0)
    rspec-expectations (2.0.0)
      diff-lcs (>= 1.1.2)
    rspec-mocks (2.0.0)
      rspec-core (= 2.0.0)
      rspec-expectations (= 2.0.0)
    timecop (0.3.5)

PLATFORMS
  ruby

DEPENDENCIES
  activesupport (~> 3.0)
  builder (~> 2.0)
  burlap!
  nokogiri (~> 1.4.4)
  rake
  rspec (~> 2.0)
  timecop (= 0.3.5)
