PATH
  remote: .
  specs:
    burlap (0.0.1)
      builder (~> 2.0)
      nokogiri (~> 1.4.4)

GEM
  remote: http://rubygems.org/
  specs:
    builder (2.1.2)
    nokogiri (1.4.4)

PLATFORMS
  ruby

DEPENDENCIES
  builder (~> 2.0)
  burlap!
  nokogiri (~> 1.4.4)
