PATH
  remote: .
  specs:
    burlap (0.5.0)
      builder (>= 2.0)
      nokogiri (>= 1.4.4)

GEM
  remote: http://rubygems.org/
  specs:
    activesupport (3.0.5)
    bluecloth (2.1.0)
    builder (3.1.3)
    diff-lcs (1.1.2)
    nokogiri (1.5.5)
    rake (0.8.7)
    rspec (2.5.0)
      rspec-core (~> 2.5.0)
      rspec-expectations (~> 2.5.0)
      rspec-mocks (~> 2.5.0)
    rspec-core (2.5.1)
    rspec-expectations (2.5.0)
      diff-lcs (~> 1.1.2)
    rspec-mocks (2.5.0)
    timecop (0.3.5)
    yard (0.6.5)

PLATFORMS
  ruby

DEPENDENCIES
  activesupport (>= 2.3.4)
  bluecloth
  burlap!
  rake
  rspec (~> 2.0)
  timecop (= 0.3.5)
  yard
